GEM
  remote: http://rubygems.org/
  specs:
    curb (0.7.16)
    daemons (1.1.6)
    thor (0.14.6)
    wirble (0.1.3)
    yajl-ruby (1.1.0)

PLATFORMS
  ruby

DEPENDENCIES
  curb
  daemons
  thor
  wirble
  yajl-ruby
